GEM
  remote: https://rubygems.org/
  specs:
    awesome_print (1.7.0)
    daemons (1.2.4)
    eventmachine (1.2.1)
    json (2.0.2)
    kgio (2.10.0)
    rack (1.6.5)
    rack-protection (1.5.3)
      rack
    raindrops (0.17.0)
    shotgun (0.9.2)
      rack (>= 1.0)
    sinatra (1.4.7)
      rack (~> 1.5)
      rack-protection (~> 1.4)
      tilt (>= 1.3, < 3)
    thin (1.7.0)
      daemons (~> 1.0, >= 1.0.9)
      eventmachine (~> 1.0, >= 1.0.4)
      rack (>= 1, < 3)
    tilt (2.0.5)
    unicorn (5.2.0)
      kgio (~> 2.6)
      raindrops (~> 0.7)

PLATFORMS
  ruby

DEPENDENCIES
  awesome_print
  json
  shotgun
  sinatra
  thin
  unicorn

BUNDLED WITH
   1.13.6
